GEM
  remote: https://rubygems.org/
  specs:
    chrome_remote (0.3.0)
      websocket-driver (~> 0.6)
    websocket-driver (0.7.1)
      websocket-extensions (>= 0.1.0)
    websocket-extensions (0.1.5)

PLATFORMS
  ruby

DEPENDENCIES
  chrome_remote

BUNDLED WITH
   1.17.3
